GEM
  remote: https://rubygems.org/
  specs:
    activesupport (7.0.4.3)
      concurrent-ruby (~> 1.0, >= 1.0.2)
      i18n (>= 1.6, < 2)
      minitest (>= 5.1)
      tzinfo (~> 2.0)
    allure-cucumber (2.20.0)
      allure-ruby-commons (= 2.20.0)
      cucumber (>= 4.0.0, < 9)
    allure-rspec (2.20.0)
      allure-ruby-commons (= 2.20.0)
      rspec-core (>= 3.8, < 4)
    allure-ruby-commons (2.20.0)
      mime-types (>= 3.3, < 4)
      oj (>= 3.10, < 4)
      require_all (>= 2, < 4)
      rspec-expectations (~> 3.12)
      uuid (>= 2.3, < 3)
    array_include_methods (1.4.0)
    ast (2.4.2)
    builder (3.2.4)
    chunky_png (1.4.0)
    color (1.8)
    concurrent-ruby (1.2.2)
    cucumber (8.0.0)
      builder (~> 3.2, >= 3.2.4)
      cucumber-ci-environment (~> 9.0, >= 9.0.4)
      cucumber-core (~> 11.0, >= 11.0.0)
      cucumber-cucumber-expressions (~> 15.1, >= 15.1.1)
      cucumber-gherkin (~> 23.0, >= 23.0.1)
      cucumber-html-formatter (~> 19.1, >= 19.1.0)
      cucumber-messages (~> 18.0, >= 18.0.0)
      diff-lcs (~> 1.5, >= 1.5.0)
      mime-types (~> 3.4, >= 3.4.1)
      multi_test (~> 1.1, >= 1.1.0)
      sys-uname (~> 1.2, >= 1.2.2)
    cucumber-ci-environment (9.1.0)
    cucumber-core (11.0.0)
      cucumber-gherkin (~> 23.0, >= 23.0.1)
      cucumber-messages (~> 18.0, >= 18.0.0)
      cucumber-tag-expressions (~> 4.1, >= 4.1.0)
    cucumber-cucumber-expressions (15.2.0)
    cucumber-gherkin (23.0.1)
      cucumber-messages (~> 18.0, >= 18.0.0)
    cucumber-html-formatter (19.2.0)
      cucumber-messages (~> 18.0, >= 18.0.0)
    cucumber-messages (18.0.0)
    cucumber-tag-expressions (4.1.0)
    diff-lcs (1.5.0)
    equalizer (0.0.11)
    facets (3.1.0)
    faraday (2.7.4)
      faraday-net_http (>= 2.0, < 3.1)
      ruby2_keywords (>= 0.0.4)
    faraday-net_http (3.0.2)
    ffi (1.15.5)
    glimmer (2.7.3)
      array_include_methods (~> 1.4.0)
      facets (>= 3.1.0, < 4.0.0)
    glimmer-dsl-libui (0.7.4)
      chunky_png (~> 1.4.0)
      color (~> 1.8)
      equalizer (= 0.0.11)
      glimmer (~> 2.7.3)
      libui (~> 0.1.2.pre)
      os (>= 1.0.0, < 2.0.0)
      perfect-shape (~> 1.0.7)
      rouge (>= 3.26.0, < 4.0.0)
      super_module (~> 1.4.1)
    httparty (0.21.0)
      mini_mime (>= 1.0.0)
      multi_xml (>= 0.5.2)
    i18n (1.13.0)
      concurrent-ruby (~> 1.0)
    json (2.6.3)
    kwalify (0.7.2)
    libui (0.1.2.pre)
    macaddr (1.7.2)
      systemu (~> 2.6.5)
    matrix (0.4.2)
    method_source (1.0.0)
    mime-types (3.4.1)
      mime-types-data (~> 3.2015)
    mime-types-data (3.2023.0218.1)
    mini_mime (1.1.2)
    minitest (5.18.0)
    multi_test (1.1.0)
    multi_xml (0.6.0)
    nokogiri (1.14.3-x86_64-linux)
      racc (~> 1.4)
    oj (3.14.3)
    os (1.1.4)
    parallel (1.23.0)
    parallel_split_test (0.10.0)
      parallel (>= 0.5.13)
      rspec-core (>= 3.9.0)
    parallel_tests (4.2.0)
      parallel
    parser (3.2.2.1)
      ast (~> 2.4.1)
    pastel (0.8.0)
      tty-color (~> 0.5)
    perfect-shape (1.0.7)
      equalizer (>= 0.0.11, < 1.1.0)
      matrix (>= 0.4.2, < 1.1.0)
    racc (1.6.2)
    rainbow (3.1.1)
    rake (13.0.6)
    reek (6.1.4)
      kwalify (~> 0.7.0)
      parser (~> 3.2.0)
      rainbow (>= 2.0, < 4.0)
    regexp_parser (2.8.0)
    require_all (3.0.0)
    rexml (3.2.5)
    rouge (3.30.0)
    rspec (3.12.0)
      rspec-core (~> 3.12.0)
      rspec-expectations (~> 3.12.0)
      rspec-mocks (~> 3.12.0)
    rspec-core (3.12.2)
      rspec-support (~> 3.12.0)
    rspec-expectations (3.12.3)
      diff-lcs (>= 1.2.0, < 2.0)
      rspec-support (~> 3.12.0)
    rspec-mocks (3.12.5)
      diff-lcs (>= 1.2.0, < 2.0)
      rspec-support (~> 3.12.0)
    rspec-support (3.12.0)
    rubocop (1.50.2)
      json (~> 2.3)
      parallel (~> 1.10)
      parser (>= 3.2.0.0)
      rainbow (>= 2.2.2, < 4.0)
      regexp_parser (>= 1.8, < 3.0)
      rexml (>= 3.2.5, < 4.0)
      rubocop-ast (>= 1.28.0, < 2.0)
      ruby-progressbar (~> 1.7)
      unicode-display_width (>= 2.4.0, < 3.0)
    rubocop-ast (1.28.0)
      parser (>= 3.2.1.0)
    ruby-openai (3.7.0)
      httparty (>= 0.18.1)
    ruby-progressbar (1.13.0)
    ruby2_keywords (0.0.5)
    ruby_raider (0.6.8)
      faraday (~> 2.7)
      glimmer-dsl-libui (~> 0.7.3)
      ruby-openai (~> 3.5)
      thor (~> 1.2.1)
      tty-prompt (~> 0.23.1)
    rubyzip (2.3.2)
    selenium-webdriver (4.9.0)
      rexml (~> 3.2, >= 3.2.5)
      rubyzip (>= 1.2.2, < 3.0)
      websocket (~> 1.0)
    super_module (1.4.1)
      method_source (>= 0.8.2, < 1.1.0)
    sys-uname (1.2.3)
      ffi (~> 1.1)
    systemu (2.6.5)
    thor (1.2.1)
    tty-color (0.6.0)
    tty-cursor (0.7.1)
    tty-prompt (0.23.1)
      pastel (~> 0.8)
      tty-reader (~> 0.8)
    tty-reader (0.9.0)
      tty-cursor (~> 0.7)
      tty-screen (~> 0.8)
      wisper (~> 2.0)
    tty-screen (0.8.1)
    tzinfo (2.0.6)
      concurrent-ruby (~> 1.0)
    unicode-display_width (2.4.2)
    uuid (2.3.9)
      macaddr (~> 1.0)
    watir (7.2.2)
      regexp_parser (>= 1.2, < 3)
      selenium-webdriver (~> 4.2)
    webdrivers (5.2.0)
      nokogiri (~> 1.6)
      rubyzip (>= 1.3.0)
      selenium-webdriver (~> 4.0)
    websocket (1.2.9)
    wisper (2.0.1)

PLATFORMS
  x86_64-linux

DEPENDENCIES
  activesupport
  allure-cucumber
  allure-rspec
  allure-ruby-commons
  cucumber
  parallel_split_test
  parallel_tests
  rake
  reek
  rspec
  rubocop
  ruby_raider (~> 0.6.4)
  selenium-webdriver
  watir
  webdrivers

BUNDLED WITH
   2.4.12
